GIT
  remote: git://github.com/ruby-rdf/rdf-spec.git
  revision: a740e2db2ef6368a3e0ce080fbda7293b24890cf
  specs:
    rdf-spec (1.0.0)
      rspec (>= 2.12.0)

GIT
  remote: git://github.com/ruby-rdf/rdf-xsd.git
  revision: e07284f84e837599e007b74911cdc9d55406dad7
  specs:
    rdf-xsd (1.0.0)
      nokogiri (>= 1.5.0)
      rdf (>= 0.3.4)

GIT
  remote: git://github.com/ruby-rdf/rdf.git
  revision: 607d5f738e32bb7bd1a5a81089caffdbcfdf9d61
  specs:
    rdf (1.0.0)
      addressable (>= 2.2.6)

PATH
  remote: .
  specs:
    rdf-rdfxml (1.0.0)
      rdf (>= 1.0)
      rdf-xsd (>= 1.0)

GEM
  remote: http://rubygems.org/
  specs:
    addressable (2.3.2)
    diff-lcs (1.1.3)
    equivalent-xml (0.3.0)
      nokogiri (>= 1.4.3)
    nokogiri (1.5.6)
    open-uri-cached (0.0.5)
    promise (0.3.0)
    rake (10.0.4)
    rdf-isomorphic (0.3.4)
      rdf (>= 0.2.3)
    rdf-n3 (0.3.8)
      rdf (>= 0.3.11)
    rspec (2.12.0)
      rspec-core (~> 2.12.0)
      rspec-expectations (~> 2.12.0)
      rspec-mocks (~> 2.12.0)
    rspec-core (2.12.2)
    rspec-expectations (2.12.1)
      diff-lcs (~> 1.1.3)
    rspec-mocks (2.12.1)
    spira (0.0.12)
      promise (>= 0.3.0)
      rdf (>= 0.2.3)
      rdf-isomorphic (>= 0.3.0)
    wirble (0.1.3)
    yard (0.8.3)

PLATFORMS
  ruby

DEPENDENCIES
  equivalent-xml (>= 0.2.8)
  nokogiri (>= 1.5.5)
  open-uri-cached (>= 0.0.5)
  rake
  rdf!
  rdf-isomorphic
  rdf-n3
  rdf-rdfxml!
  rdf-spec!
  rdf-xsd!
  rspec (>= 2.12.0)
  spira
  wirble
  yard (>= 0.8.3)
